GEM
  remote: https://rubygems.org/
  specs:
    actioncable (7.1.5)
      actionpack (= 7.1.5)
      activesupport (= 7.1.5)
      nio4r (~> 2.0)
      websocket-driver (>= 0.6.1)
      zeitwerk (~> 2.6)
    actionmailbox (7.1.5)
      actionpack (= 7.1.5)
      activejob (= 7.1.5)
      activerecord (= 7.1.5)
      activestorage (= 7.1.5)
      activesupport (= 7.1.5)
      mail (>= 2.7.1)
      net-imap
      net-pop
      net-smtp
    actionmailer (7.1.5)
      actionpack (= 7.1.5)
      actionview (= 7.1.5)
      activejob (= 7.1.5)
      activesupport (= 7.1.5)
      mail (~> 2.5, >= 2.5.4)
      net-imap
      net-pop
      net-smtp
      rails-dom-testing (~> 2.2)
    actionpack (7.1.5)
      actionview (= 7.1.5)
      activesupport (= 7.1.5)
      nokogiri (>= 1.8.5)
      racc
      rack (>= 2.2.4)
      rack-session (>= 1.0.1)
      rack-test (>= 0.6.3)
      rails-dom-testing (~> 2.2)
      rails-html-sanitizer (~> 1.6)
    actiontext (7.1.5)
      actionpack (= 7.1.5)
      activerecord (= 7.1.5)
      activestorage (= 7.1.5)
      activesupport (= 7.1.5)
      globalid (>= 0.6.0)
      nokogiri (>= 1.8.5)
    actionview (7.1.5)
      activesupport (= 7.1.5)
      builder (~> 3.1)
      erubi (~> 1.11)
      rails-dom-testing (~> 2.2)
      rails-html-sanitizer (~> 1.6)
    activeadmin (3.2.5)
      arbre (~> 1.2, >= 1.2.1)
      csv
      formtastic (>= 3.1)
      formtastic_i18n (>= 0.4)
      inherited_resources (~> 1.7)
      jquery-rails (>= 4.2)
      kaminari (>= 1.2.1)
      railties (>= 6.1)
      ransack (>= 4.0)
    activejob (7.1.5)
      activesupport (= 7.1.5)
      globalid (>= 0.3.6)
    activemodel (7.1.5)
      activesupport (= 7.1.5)
    activerecord (7.1.5)
      activemodel (= 7.1.5)
      activesupport (= 7.1.5)
      timeout (>= 0.4.0)
    activestorage (7.1.5)
      actionpack (= 7.1.5)
      activejob (= 7.1.5)
      activerecord (= 7.1.5)
      activesupport (= 7.1.5)
      marcel (~> 1.0)
    activesupport (7.1.5)
      base64
      benchmark (>= 0.3)
      bigdecimal
      concurrent-ruby (~> 1.0, >= 1.0.2)
      connection_pool (>= 2.2.5)
      drb
      i18n (>= 1.6, < 2)
      logger (>= 1.4.2)
      minitest (>= 5.1)
      mutex_m
      securerandom (>= 0.3)
      tzinfo (~> 2.0)
    addressable (2.8.7)
      public_suffix (>= 2.0.2, < 7.0)
    arbre (1.7.0)
      activesupport (>= 3.0.0)
      ruby2_keywords (>= 0.0.2)
    autoprefixer-rails (10.4.19.0)
      execjs (~> 2)
    aws_cf_signer (0.1.3)
    base64 (0.2.0)
    benchmark (0.4.0)
    bigdecimal (3.1.8)
    bindex (0.8.1)
    bootsnap (1.18.4)
      msgpack (~> 1.2)
    bootstrap (5.0.2)
      autoprefixer-rails (>= 9.1.0)
      popper_js (>= 2.9.2, < 3)
      sassc-rails (>= 2.0.0)
    builder (3.3.0)
    byebug (11.1.3)
    capybara (3.40.0)
      addressable
      matrix
      mini_mime (>= 0.1.3)
      nokogiri (~> 1.11)
      rack (>= 1.6.0)
      rack-test (>= 0.6.3)
      regexp_parser (>= 1.5, < 3.0)
      xpath (~> 3.2)
    city-state (1.1.0)
      rubyzip (>= 2.3)
    cloudinary (1.29.0)
      aws_cf_signer
      rest-client (>= 2.0.0)
    concurrent-ruby (1.3.4)
    connection_pool (2.4.1)
    content_disposition (1.0.0)
    crass (1.0.6)
    cssbundling-rails (1.4.1)
      railties (>= 6.0.0)
    csv (3.3.0)
    date (3.4.1)
    debug (1.9.2)
      irb (~> 1.10)
      reline (>= 0.3.8)
    domain_name (0.6.20240107)
    dotenv (3.1.4)
    dotenv-rails (3.1.4)
      dotenv (= 3.1.4)
      railties (>= 6.1)
    down (5.4.2)
      addressable (~> 2.8)
    drb (2.2.1)
    erubi (1.13.0)
    execjs (2.10.0)
    ffi (1.17.0)
    ffi-compiler (1.3.2)
      ffi (>= 1.15.5)
      rake
    formtastic (5.0.0)
      actionpack (>= 6.0.0)
    formtastic_i18n (0.7.0)
    globalid (1.2.1)
      activesupport (>= 6.1)
    has_scope (0.8.2)
      actionpack (>= 5.2)
      activesupport (>= 5.2)
    http (4.4.1)
      addressable (~> 2.3)
      http-cookie (~> 1.0)
      http-form_data (~> 2.2)
      http-parser (~> 1.2.0)
    http-accept (1.7.0)
    http-cookie (1.0.8)
      domain_name (~> 0.5)
    http-form_data (2.3.0)
    http-parser (1.2.3)
      ffi-compiler (>= 1.0, < 2.0)
    i18n (1.14.6)
      concurrent-ruby (~> 1.0)
    image_processing (1.13.0)
      mini_magick (>= 4.9.5, < 5)
      ruby-vips (>= 2.0.17, < 3)
    importmap-rails (2.0.3)
      actionpack (>= 6.0.0)
      activesupport (>= 6.0.0)
      railties (>= 6.0.0)
    inherited_resources (1.14.0)
      actionpack (>= 6.0)
      has_scope (>= 0.6)
      railties (>= 6.0)
      responders (>= 2)
    io-console (0.8.0)
    irb (1.14.1)
      rdoc (>= 4.0.0)
      reline (>= 0.4.2)
    jbuilder (2.13.0)
      actionview (>= 5.0.0)
      activesupport (>= 5.0.0)
    jquery-rails (4.6.0)
      rails-dom-testing (>= 1, < 3)
      railties (>= 4.2.0)
      thor (>= 0.14, < 2.0)
    kaminari (1.2.2)
      activesupport (>= 4.1.0)
      kaminari-actionview (= 1.2.2)
      kaminari-activerecord (= 1.2.2)
      kaminari-core (= 1.2.2)
    kaminari-actionview (1.2.2)
      actionview
      kaminari-core (= 1.2.2)
    kaminari-activerecord (1.2.2)
      activerecord
      kaminari-core (= 1.2.2)
    kaminari-core (1.2.2)
    logger (1.6.2)
    loofah (2.23.1)
      crass (~> 1.0.2)
      nokogiri (>= 1.12.0)
    mail (2.8.1)
      mini_mime (>= 0.1.1)
      net-imap
      net-pop
      net-smtp
    marcel (1.0.4)
    matrix (0.4.2)
    mime-types (3.6.0)
      logger
      mime-types-data (~> 3.2015)
    mime-types-data (3.2024.1203)
    mini_magick (4.13.2)
    mini_mime (1.1.5)
    minitest (5.25.4)
    msgpack (1.7.5)
    mutex_m (0.3.0)
    net-imap (0.5.1)
      date
      net-protocol
    net-pop (0.1.2)
      net-protocol
    net-protocol (0.2.2)
      timeout
    net-smtp (0.5.0)
      net-protocol
    netrc (0.11.0)
    nio4r (2.7.4)
    nokogiri (1.16.8-aarch64-linux)
      racc (~> 1.4)
    nokogiri (1.16.8-arm-linux)
      racc (~> 1.4)
    nokogiri (1.16.8-arm64-darwin)
      racc (~> 1.4)
    nokogiri (1.16.8-x86-linux)
      racc (~> 1.4)
    nokogiri (1.16.8-x86_64-darwin)
      racc (~> 1.4)
    nokogiri (1.16.8-x86_64-linux)
      racc (~> 1.4)
    pg (1.5.9)
    popper_js (2.11.8)
    psych (5.2.1)
      date
      stringio
    public_suffix (6.0.1)
    puma (6.5.0)
      nio4r (~> 2.0)
    racc (1.8.1)
    rack (3.1.8)
    rack-session (2.0.0)
      rack (>= 3.0.0)
    rack-test (2.1.0)
      rack (>= 1.3)
    rackup (2.2.1)
      rack (>= 3)
    rails (7.1.5)
      actioncable (= 7.1.5)
      actionmailbox (= 7.1.5)
      actionmailer (= 7.1.5)
      actionpack (= 7.1.5)
      actiontext (= 7.1.5)
      actionview (= 7.1.5)
      activejob (= 7.1.5)
      activemodel (= 7.1.5)
      activerecord (= 7.1.5)
      activestorage (= 7.1.5)
      activesupport (= 7.1.5)
      bundler (>= 1.15.0)
      railties (= 7.1.5)
    rails-dom-testing (2.2.0)
      activesupport (>= 5.0.0)
      minitest
      nokogiri (>= 1.6)
    rails-html-sanitizer (1.6.1)
      loofah (~> 2.21)
      nokogiri (>= 1.15.7, != 1.16.7, != 1.16.6, != 1.16.5, != 1.16.4, != 1.16.3, != 1.16.2, != 1.16.1, != 1.16.0.rc1, != 1.16.0)
    railties (7.1.5)
      actionpack (= 7.1.5)
      activesupport (= 7.1.5)
      irb
      rackup (>= 1.0.0)
      rake (>= 12.2)
      thor (~> 1.0, >= 1.2.2)
      zeitwerk (~> 2.6)
    rake (13.2.1)
    ransack (4.2.1)
      activerecord (>= 6.1.5)
      activesupport (>= 6.1.5)
      i18n
    rdoc (6.8.1)
      psych (>= 4.0.0)
    regexp_parser (2.9.3)
    reline (0.5.12)
      io-console (~> 0.5)
    responders (3.1.1)
      actionpack (>= 5.2)
      railties (>= 5.2)
    rest-client (2.1.0)
      http-accept (>= 1.7.0, < 2.0)
      http-cookie (>= 1.0.2, < 2.0)
      mime-types (>= 1.16, < 4.0)
      netrc (~> 0.8)
    rexml (3.3.9)
    ruby-vips (2.2.2)
      ffi (~> 1.12)
      logger
    ruby2_keywords (0.0.5)
    rubyzip (2.3.2)
    sassc (2.4.0)
      ffi (~> 1.9)
    sassc-rails (2.1.2)
      railties (>= 4.0.0)
      sassc (>= 2.0)
      sprockets (> 3.0)
      sprockets-rails
      tilt
    securerandom (0.4.0)
    selenium-webdriver (4.27.0)
      base64 (~> 0.2)
      logger (~> 1.4)
      rexml (~> 3.2, >= 3.2.5)
      rubyzip (>= 1.2.2, < 3.0)
      websocket (~> 1.0)
    shrine (3.6.0)
      content_disposition (~> 1.0)
      down (~> 5.1)
    shrine-cloudinary (1.1.1)
      cloudinary (~> 1.12)
      down (~> 5.0)
      http (>= 3.2, < 5)
      shrine (>= 3.0.0.rc, < 4)
    sprockets (4.2.1)
      concurrent-ruby (~> 1.0)
      rack (>= 2.2.4, < 4)
    sprockets-rails (3.5.2)
      actionpack (>= 6.1)
      activesupport (>= 6.1)
      sprockets (>= 3.0.0)
    stimulus-rails (1.3.4)
      railties (>= 6.0.0)
    stringio (3.1.2)
    thor (1.3.2)
    tilt (2.4.0)
    timeout (0.4.2)
    turbo-rails (2.0.11)
      actionpack (>= 6.0.0)
      railties (>= 6.0.0)
    tzinfo (2.0.6)
      concurrent-ruby (~> 1.0)
    web-console (4.2.1)
      actionview (>= 6.0.0)
      activemodel (>= 6.0.0)
      bindex (>= 0.4.0)
      railties (>= 6.0.0)
    websocket (1.2.11)
    websocket-driver (0.7.6)
      websocket-extensions (>= 0.1.0)
    websocket-extensions (0.1.5)
    xpath (3.2.0)
      nokogiri (~> 1.8)
    zeitwerk (2.6.18)

PLATFORMS
  aarch64-linux
  arm-linux
  arm64-darwin
  x86-linux
  x86_64-darwin
  x86_64-linux

DEPENDENCIES
  activeadmin
  bootsnap
  bootstrap (~> 5.0.2)
  byebug
  capybara
  city-state (~> 1.1)
  cssbundling-rails (~> 1.4)
  debug
  dotenv-rails
  image_processing
  importmap-rails
  jbuilder
  pg (~> 1.1)
  puma (>= 5.0)
  rails (~> 7.1.4, >= 7.1.4.1)
  sassc-rails
  selenium-webdriver
  shrine
  shrine-cloudinary
  sprockets-rails
  stimulus-rails
  turbo-rails
  tzinfo-data
  web-console

RUBY VERSION
   ruby 3.1.0p0

BUNDLED WITH
   2.5.22
